GEM
  remote: http://rubygems.org/
  specs:
    colored (1.2)
    daemons (1.1.4)
    erubis (2.7.0)
    eventmachine (0.12.10)
    herbie (0.1.3)
      erubis
      tilt
    rack (1.3.2)
    sinatra (1.2.6)
      rack (~> 1.1)
      tilt (>= 1.2.2, < 2.0)
    thin (1.2.11)
      daemons (>= 1.0.9)
      eventmachine (>= 0.12.6)
      rack (>= 1.0.0)
    tilt (1.3.2)

PLATFORMS
  ruby

DEPENDENCIES
  colored
  herbie (~> 0.1.0)
  sinatra
  thin
